GEM
  remote: https://rubygems.org/
  specs:
    bundler-audit (0.9.0.1)
      bundler (>= 1.2.0, < 3)
      thor (~> 1.0)
    json (2.6.1)
    minitest (5.15.0)
    thor (1.2.1)

PLATFORMS
  ruby

DEPENDENCIES
  bundler-audit
  json
  minitest

BUNDLED WITH
   1.17.2
